PATH
  remote: .
  specs:
    act_as_nameable (0.0.1)

GEM
  remote: http://rubygems.org/
  specs:

PLATFORMS
  ruby

DEPENDENCIES
  act_as_nameable!
